GEM
  remote: https://rubygems.org/
  specs:
    activejob (5.2.3)
      activesupport (= 5.2.3)
      globalid (>= 0.3.6)
    activemodel (5.2.3)
      activesupport (= 5.2.3)
    activerecord (5.2.3)
      activemodel (= 5.2.3)
      activesupport (= 5.2.3)
      arel (>= 9.0)
    activerecord-import (0.28.2)
      activerecord (>= 3.2)
    activesupport (5.2.3)
      concurrent-ruby (~> 1.0, >= 1.0.2)
      i18n (>= 0.7, < 2)
      minitest (~> 5.1)
      tzinfo (~> 1.1)
    aggregate_root (0.38.1)
      ruby_event_store (= 0.38.1)
    arel (9.0.0)
    arkency-command_bus (0.4.0)
      thread_safe
    bounded_context (0.38.1)
    concurrent-ruby (1.1.5)
    diff-lcs (1.3)
    globalid (0.4.2)
      activesupport (>= 4.2.0)
    i18n (1.6.0)
      concurrent-ruby (~> 1.0)
    minitest (5.11.3)
    mustermann (1.0.3)
    rack (2.0.6)
    rack-protection (2.0.5)
      rack
    rails_event_store (0.38.1)
      activejob (>= 3.0)
      activemodel (>= 3.0)
      activesupport (>= 3.0)
      aggregate_root (= 0.38.1)
      arkency-command_bus (>= 0.4)
      bounded_context (= 0.38.1)
      rails_event_store_active_record (= 0.38.1)
      ruby_event_store (= 0.38.1)
      ruby_event_store-browser (= 0.38.1)
    rails_event_store-rspec (0.38.1)
      rspec (~> 3.0)
    rails_event_store_active_record (0.38.1)
      activemodel (>= 3.0)
      activerecord-import (~> 0.21)
      activesupport (>= 3.0)
      ruby_event_store (= 0.38.1)
    rspec (3.8.0)
      rspec-core (~> 3.8.0)
      rspec-expectations (~> 3.8.0)
      rspec-mocks (~> 3.8.0)
    rspec-core (3.8.0)
      rspec-support (~> 3.8.0)
    rspec-expectations (3.8.2)
      diff-lcs (>= 1.2.0, < 2.0)
      rspec-support (~> 3.8.0)
    rspec-mocks (3.8.0)
      diff-lcs (>= 1.2.0, < 2.0)
      rspec-support (~> 3.8.0)
    rspec-support (3.8.0)
    ruby_event_store (0.38.1)
      concurrent-ruby (~> 1.0)
    ruby_event_store-browser (0.38.1)
      ruby_event_store (= 0.38.1)
      sinatra
    sinatra (2.0.5)
      mustermann (~> 1.0)
      rack (~> 2.0)
      rack-protection (= 2.0.5)
      tilt (~> 2.0)
    thread_safe (0.3.6)
    tilt (2.0.9)
    tzinfo (1.2.5)
      thread_safe (~> 0.1)

PLATFORMS
  ruby

DEPENDENCIES
  rails_event_store (~> 0.38.1)
  rails_event_store-rspec

BUNDLED WITH
   2.0.1
